GEM
  remote: https://rubygems.org/
  specs:
    backports (3.6.8)
    ethon (0.9.0)
      ffi (>= 1.3.0)
    ffi (1.9.14)
    haml (4.0.7)
      tilt
    json (2.0.2)
    kgio (2.10.0)
    multi_json (1.12.1)
    rack (1.6.4)
    rack-protection (1.5.3)
      rack
    rack-test (0.6.3)
      rack (>= 1.0)
    raindrops (0.17.0)
    sinatra (1.4.7)
      rack (~> 1.5)
      rack-protection (~> 1.4)
      tilt (>= 1.3, < 3)
    sinatra-base (1.4.0)
      rack (~> 1.3, >= 1.3.6)
      rack-protection (~> 1.2)
      tilt (~> 1.3, >= 1.3.3)
    sinatra-contrib (1.4.7)
      backports (>= 2.0)
      multi_json
      rack-protection
      rack-test
      sinatra (~> 1.4.0)
      tilt (>= 1.3, < 3)
    tilt (1.4.1)
    typhoeus (1.1.0)
      ethon (>= 0.9.0)
    unicorn (5.1.0)
      kgio (~> 2.6)
      raindrops (~> 0.7)

PLATFORMS
  ruby

DEPENDENCIES
  haml
  json
  sinatra-base
  sinatra-contrib
  typhoeus
  unicorn
